{
    "Modality": "MR",
    "MagneticFieldStrength": 3,
    "ImagingFrequency": 123.238036,
    "Manufacturer": "Siemens",
    "ManufacturersModelName": "Prisma_fit",
    "InstitutionName": "Melbourne Brain Centre",
    "InstitutionalDepartmentName": "Department",
    "InstitutionAddress": "xxx",
    "DeviceSerialNumber": "xxx",
    "StationName": "xxx",
    "BodyPart": "BRAIN",
    "PatientPosition": "HFS",
    "ProcedureStepDescription": "TRAMFIX study",
    "SoftwareVersions": "syngo MR E11",
    "MRAcquisitionType": "3D",
    "StudyDescription": "TRAMFIX study",
    "SeriesDescription": "T1w_Sag_AP-",
    "ProtocolName": "T1",
    "ScanningSequence": "GR\\IR",
    "SequenceVariant": "SK\\SP\\MP",
    "ScanOptions": "IR\\WE",
    "SequenceName": "*tfl3d1_16ns",
    "ImageType": [
        "ORIGINAL",
        "PRIMARY",
        "M",
        "ND",
        "NORM",
        "MAGNITUDE"
    ],
    "NonlinearGradientCorrection": false,
    "SeriesNumber": 15,
    "AcquisitionTime": "15:31:22.287500",
    "AcquisitionNumber": 1,
    "SliceThickness": 0.9,
    "SAR": 0.0560184,
    "TablePosition": [
        0,
        0,
        0
    ],
    "EchoTime": 0.00219,
    "RepetitionTime": 1.9,
    "SpoilingState": true,
    "InversionTime": 1,
    "FlipAngle": 8,
    "PartialFourier": 1,
    "BaseResolution": 256,
    "ShimSetting": [
        -1275,
        4764,
        -11214,
        278,
        36,
        -286,
        6,
        32
    ],
    "TxRefAmp": 240.115,
    "PhaseResolution": 1,
    "ReceiveCoilName": "Head_32",
    "ReceiveCoilActiveElements": "HEA;HEP",
    "PulseSequenceDetails": "%SiemensSeq%\\tfl",
    "RefLinesPE": 32,
    "CoilCombinationMethod": "Adaptive Combine",
    "ConsistencyInfo": "N4_VE11C_LATEST_20160120",
    "MatrixCoilMode": "GRAPPA",
    "PercentPhaseFOV": 100,
    "PercentSampling": 100,
    "PhaseEncodingSteps": 255,
    "AcquisitionMatrixPE": 256,
    "ReconMatrixPE": 256,
    "ParallelReductionFactorInPlane": 2,
    "PixelBandwidth": 220,
    "DwellTime": 8.9e-06,
    "ImageOrientationPatientDICOM": [
        0,
        1,
        0,
        0,
        0,
        -1
    ],
    "ImageOrientationText": "Sag",
    "InPlanePhaseEncodingDirectionDICOM": "ROW",
    "BidsGuess": [
        "anat",
        "_acq-tfl3p2_run-15_T1w"
    ],
    "ConversionSoftware": "dcm2niix",
    "ConversionSoftwareVersion": "v1.0.20250505",
    "Dcm2bidsVersion": "3.2.0"
}
